PATH
  remote: .
  specs:
    ruroku (0.0.1)
      activesupport (~> 3.2.5)
      heroku-api (~> 0.2.4)

GEM
  remote: https://rubygems.org/
  specs:
    activesupport (3.2.5)
      i18n (~> 0.6)
      multi_json (~> 1.0)
    diff-lcs (1.1.3)
    excon (0.14.0)
    heroku-api (0.2.4)
      excon (~> 0.14.0)
    i18n (0.6.0)
    multi_json (1.3.6)
    rspec (2.10.0)
      rspec-core (~> 2.10.0)
      rspec-expectations (~> 2.10.0)
      rspec-mocks (~> 2.10.0)
    rspec-core (2.10.1)
    rspec-expectations (2.10.0)
      diff-lcs (~> 1.1.3)
    rspec-mocks (2.10.1)

PLATFORMS
  ruby

DEPENDENCIES
  rspec
  ruroku!
